GEM
  remote: https://rubygems.org/
  specs:
    colorizr (0.0.2)

PLATFORMS
  ruby

DEPENDENCIES
  colorizr

BUNDLED WITH
   1.10.6
